PATH
  remote: .
  specs:
    alfredo (0.1.2)
      nokogiri

GEM
  remote: https://rubygems.org/
  specs:
    diff-lcs (1.2.1)
    nokogiri (1.5.9)
    rake (10.0.3)
    rspec (2.13.0)
      rspec-core (~> 2.13.0)
      rspec-expectations (~> 2.13.0)
      rspec-mocks (~> 2.13.0)
    rspec-core (2.13.1)
    rspec-expectations (2.13.0)
      diff-lcs (>= 1.1.3, < 2.0)
    rspec-mocks (2.13.0)

PLATFORMS
  ruby

DEPENDENCIES
  alfredo!
  bundler (~> 1.3)
  rake
  rspec (~> 2.6)
